GEM
  remote: https://rubygems.org/
  specs:
    amazing_print (1.0.0)
    aws-eventstream (1.1.0)
    aws-partitions (1.301.0)
    aws-sdk-core (3.94.0)
      aws-eventstream (~> 1, >= 1.0.2)
      aws-partitions (~> 1, >= 1.239.0)
      aws-sigv4 (~> 1.1)
      jmespath (~> 1.0)
    aws-sdk-kms (1.30.0)
      aws-sdk-core (~> 3, >= 3.71.0)
      aws-sigv4 (~> 1.1)
    aws-sdk-s3 (1.63.0)
      aws-sdk-core (~> 3, >= 3.83.0)
      aws-sdk-kms (~> 1)
      aws-sigv4 (~> 1.1)
    aws-sigv4 (1.1.2)
      aws-eventstream (~> 1.0, >= 1.0.2)
    colorize (0.8.1)
    dotenv (2.7.5)
    jmespath (1.4.0)
    net-sftp (3.0.0.rc1)
      net-ssh (>= 5.0.0, < 7.0.0)
    net-ssh (6.0.2)
    rake (13.0.1)
    thor (1.0.1)

PLATFORMS
  ruby

DEPENDENCIES
  amazing_print (~> 1.0)
  aws-sdk-s3 (~> 1.63)
  colorize (~> 0.8.1)
  dotenv (~> 2.7)
  net-sftp (~> 3.0.0.rc1)
  rake (~> 13.0)
  thor (~> 1.0)

BUNDLED WITH
   2.1.4
